PATH
  remote: .
  specs:
    vivi_cli (0.1.0)

GEM
  remote: https://rubygems.org/
  specs:
    mini_portile2 (2.4.0)
    nokogiri (1.10.4)
      mini_portile2 (~> 2.4.0)
    rake (13.0.1)

PLATFORMS
  ruby

DEPENDENCIES
  bundler (~> 2.0)
  nokogiri
  rake (~> 13.0)
  vivi_cli!

BUNDLED WITH
   2.0.2
