PATH
  remote: .
  specs:
    vivi_cli (0.1.0)

GEM
  remote: https://rubygems.org/
  specs:
    mini_portile2 (2.8.0)
    nokogiri (1.13.9)
      mini_portile2 (~> 2.8.0)
      racc (~> 1.4)
    racc (1.6.0)
    rake (10.5.0)

PLATFORMS
  ruby

DEPENDENCIES
  bundler (~> 2.0)
  nokogiri
  rake (~> 10.0)
  vivi_cli!

BUNDLED WITH
   2.0.2
